PATH
  remote: .
  specs:
    fylla (0.1.0)
      thor (>= 0.19.0)

GEM
  remote: https://rubygems.org/
  specs:
    minitest (5.11.3)
    minitest-hooks (1.5.0)
      minitest (> 5.3)
    rake (10.5.0)
    thor (0.19.4)

PLATFORMS
  x64-mingw32

DEPENDENCIES
  bundler (~> 2.0)
  fylla!
  minitest (~> 5.0)
  minitest-hooks (~> 1.5.0)
  rake (~> 10.0)

BUNDLED WITH
   2.0.1
