PATH
  remote: .
  specs:
    ThorsAutocomplete (0.1.0)

GEM
  remote: https://rubygems.org/
  specs:
    minitest (5.11.3)
    rake (10.5.0)
    thor (0.20.3)

PLATFORMS
  x64-mingw32

DEPENDENCIES
  ThorsAutocomplete!
  bundler (~> 2.0)
  minitest (~> 5.0)
  rake (~> 10.0)
  thor (~> 0.20.3)

BUNDLED WITH
   2.0.1
